PATH
  remote: .
  specs:
    P1PP (0.0.1)
      blather
      gli (~> 1)

GEM
  remote: http://rubygems.org/
  specs:
    activesupport (3.2.9)
      i18n (~> 0.6)
      multi_json (~> 1.0)
    blather (0.8.1)
      activesupport (>= 2.3.11)
      eventmachine (>= 0.12.6)
      girl_friday
      niceogiri (~> 1.0)
      nokogiri (~> 1.5.5)
    connection_pool (0.9.2)
    eventmachine (1.0.0)
    girl_friday (0.11.1)
      connection_pool (~> 0.9.0)
      rubinius-actor
    gli (1.4.0)
    i18n (0.6.1)
    json (1.6.4)
    multi_json (1.3.7)
    niceogiri (1.1.1)
      nokogiri (~> 1.5)
    nokogiri (1.5.5)
    rake (0.9.2.2)
    rdoc (3.12)
      json (~> 1.4)
    rubinius-actor (0.0.2)
      rubinius-core-api
    rubinius-core-api (0.0.1)

PLATFORMS
  ruby

DEPENDENCIES
  P1PP!
  rake
  rdoc
