PATH
  remote: .
  specs:
    P1PP (0.0.1)
      blather
      gli

GEM
  remote: http://rubygems.org/
  specs:
    activesupport (3.1.3)
      multi_json (~> 1.0)
    blather (0.5.12)
      activesupport (>= 3.0.7)
      eventmachine (>= 0.12.6)
      niceogiri (>= 0.1.0)
      nokogiri (~> 1.4.0)
    eventmachine (0.12.10)
    gli (1.4.0)
    json (1.6.4)
    multi_json (1.0.4)
    niceogiri (0.1.1)
      nokogiri (~> 1.4.6)
    nokogiri (1.4.7)
    rake (0.9.2.2)
    rdoc (3.12)
      json (~> 1.4)

PLATFORMS
  ruby

DEPENDENCIES
  P1PP!
  rake
  rdoc
